GEM
  remote: https://rubygems.org/
  specs:
    addressable (2.8.0)
      public_suffix (>= 2.0.2, < 5.0)
    coderay (1.1.2)
    domain_name (0.5.20180417)
      unf (>= 0.0.5, < 1.0.0)
    http (4.0.3)
      addressable (~> 2.3)
      http-cookie (~> 1.0)
      http-form_data (~> 2.0)
      http_parser.rb (~> 0.6.0)
    http-cookie (1.0.3)
      domain_name (~> 0.5)
    http-form_data (2.1.1)
    http_parser.rb (0.6.0)
    method_source (0.9.2)
    nio4r (2.5.8)
    pry (0.12.2)
      coderay (~> 1.1.0)
      method_source (~> 0.9.0)
    public_suffix (4.0.6)
    puma (4.3.12)
      nio4r (~> 2.0)
    rack (3.0.4.1)
    rack-test (2.0.2)
      rack (>= 1.3)
    racksh (1.0.0)
      rack (>= 1.0)
      rack-test (>= 0.5)
    seg (1.2.0)
    syro (3.1.1)
      rack (>= 1.6.0)
      seg
    unf (0.1.4)
      unf_ext
    unf_ext (0.0.7.5)

PLATFORMS
  ruby

DEPENDENCIES
  http
  pry
  puma
  racksh
  syro

BUNDLED WITH
   1.17.2
